GEM
  remote: https://rubygems.org/
  specs:
    json (1.8.6)
    ruby-protocol-buffers (1.6.1)

PLATFORMS
  ruby

DEPENDENCIES
  json (~> 1.8, >= 1.8.3)
  ruby-protocol-buffers (~> 1.6, >= 1.6.1)
